GEM
  remote: https://rubygems.org/
  specs:
    bourbon (4.2.7)
      sass (~> 3.4)
      thor (~> 0.19)
    coderay (1.1.1)
    coffee-script (2.4.1)
      coffee-script-source
      execjs
    coffee-script-source (1.10.0)
    colorator (0.1)
    execjs (2.7.0)
    ffi (1.9.10)
    formatador (0.2.5)
    guard (2.14.0)
      formatador (>= 0.2.4)
      listen (>= 2.7, < 4.0)
      lumberjack (~> 1.0)
      nenv (~> 0.1)
      notiffany (~> 0.0)
      pry (>= 0.9.12)
      shellany (~> 0.0)
      thor (>= 0.18.1)
    guard-coffeescript (2.0.1)
      coffee-script (>= 2.2.0)
      guard (>= 2.1.0)
      guard-compat (~> 1.1)
    guard-compat (1.2.1)
    guard-concat (0.8.1)
      guard (~> 2.0)
    guard-sass (1.6.0)
      guard (>= 2.8.0)
      sass (>= 3.1)
    jekyll (3.1.6)
      colorator (~> 0.1)
      jekyll-sass-converter (~> 1.0)
      jekyll-watch (~> 1.1)
      kramdown (~> 1.3)
      liquid (~> 3.0)
      mercenary (~> 0.3.3)
      rouge (~> 1.7)
      safe_yaml (~> 1.0)
    jekyll-redirect-from (0.10.0)
      jekyll (>= 2.0)
    jekyll-sass-converter (1.4.0)
      sass (~> 3.4)
    jekyll-sitemap (0.10.0)
    jekyll-watch (1.4.0)
      listen (~> 3.0, < 3.1)
    kramdown (1.11.1)
    libv8 (3.16.14.15)
    liquid (3.0.6)
    listen (3.0.8)
      rb-fsevent (~> 0.9, >= 0.9.4)
      rb-inotify (~> 0.9, >= 0.9.7)
    lumberjack (1.0.10)
    mercenary (0.3.6)
    method_source (0.8.2)
    neat (1.7.4)
      bourbon (>= 4.0)
      sass (>= 3.3)
    nenv (0.3.0)
    notiffany (0.1.0)
      nenv (~> 0.1)
      shellany (~> 0.0)
    pry (0.10.3)
      coderay (~> 1.1.0)
      method_source (~> 0.8.1)
      slop (~> 3.4)
    rake (11.1.2)
    rb-fsevent (0.9.7)
    rb-inotify (0.9.7)
      ffi (>= 0.5.0)
    redcarpet (3.2.0)
    ref (2.0.0)
    rouge (1.10.1)
    safe_yaml (1.0.4)
    sass (3.4.22)
    shellany (0.0.1)
    slop (3.6.0)
    therubyracer (0.12.2)
      libv8 (~> 3.16.14.0)
      ref
    thor (0.19.1)

PLATFORMS
  ruby

DEPENDENCIES
  bourbon
  guard
  guard-coffeescript
  guard-concat
  guard-sass
  jekyll
  jekyll-redirect-from
  jekyll-sitemap
  neat
  rake
  redcarpet
  therubyracer
